PATH
  remote: .
  specs:
    one_pass (0.1.0)
      dispel (~> 0.0)

GEM
  remote: https://rubygems.org/
  specs:
    bump (0.5.3)
    coderay (1.1.1)
    curses (1.0.2)
    diff-lcs (1.2.5)
    dispel (0.0.7)
      curses
    method_source (0.8.2)
    pry (0.10.3)
      coderay (~> 1.1.0)
      method_source (~> 0.8.1)
      slop (~> 3.4)
    rake (10.5.0)
    rspec (3.4.0)
      rspec-core (~> 3.4.0)
      rspec-expectations (~> 3.4.0)
      rspec-mocks (~> 3.4.0)
    rspec-core (3.4.4)
      rspec-support (~> 3.4.0)
    rspec-expectations (3.4.0)
      diff-lcs (>= 1.2.0, < 2.0)
      rspec-support (~> 3.4.0)
    rspec-mocks (3.4.1)
      diff-lcs (>= 1.2.0, < 2.0)
      rspec-support (~> 3.4.0)
    rspec-support (3.4.1)
    slop (3.6.0)

PLATFORMS
  ruby

DEPENDENCIES
  bump (~> 0.5)
  bundler (~> 1.11)
  one_pass!
  pry
  rake (~> 10.0)
  rspec (~> 3.0)

BUNDLED WITH
   1.11.2
