PATH
  remote: .
  specs:
    one_pass (0.0.1)
      dispel (~> 0.0)

GEM
  remote: https://rubygems.org/
  specs:
    bump (0.5.3)
    curses (1.0.2)
    diff-lcs (1.2.5)
    dispel (0.0.7)
      curses
    rake (10.5.0)
    rspec (3.4.0)
      rspec-core (~> 3.4.0)
      rspec-expectations (~> 3.4.0)
      rspec-mocks (~> 3.4.0)
    rspec-core (3.4.4)
      rspec-support (~> 3.4.0)
    rspec-expectations (3.4.0)
      diff-lcs (>= 1.2.0, < 2.0)
      rspec-support (~> 3.4.0)
    rspec-mocks (3.4.1)
      diff-lcs (>= 1.2.0, < 2.0)
      rspec-support (~> 3.4.0)
    rspec-support (3.4.1)

PLATFORMS
  ruby

DEPENDENCIES
  bump
  bundler (~> 1.11)
  one_pass!
  rake (~> 10.0)
  rspec (~> 3.0)

BUNDLED WITH
   1.11.2
